GIT
  remote: git://github.com/ghoppe/nbtfile.git
  revision: 73516b8c907eec267d0b5dbb4ab86275e9ef291c
  specs:
    nbtfile (0.3.0)

GEM
  remote: https://rubygems.org/
  specs:
    coderay (1.1.0)
    method_source (0.8.2)
    pry (0.9.12.4)
      coderay (~> 1.0)
      method_source (~> 0.8)
      slop (~> 3.4)
    rubycraft (0.1.1)
      nbtfile (>= 0.2.0)
    slop (3.4.7)

PLATFORMS
  ruby

DEPENDENCIES
  nbtfile!
  pry
  rubycraft
